GEM
  remote: http://rubygems.org/
  specs:
    colorize (0.8.1)
    httparty (0.14.0)
      multi_xml (>= 0.5.2)
    multi_xml (0.6.0)

PLATFORMS
  ruby

DEPENDENCIES
  colorize
  httparty

BUNDLED WITH
   1.14.0
